PATH
  remote: .
  specs:
    cerealizer (0.1.0)
      multi_json

GEM
  remote: https://rubygems.org/
  specs:
    minitest (5.16.3)
    multi_json (1.15.0)
    rake (13.0.6)

PLATFORMS
  x86_64-linux

DEPENDENCIES
  cerealizer!
  minitest
  rake

BUNDLED WITH
   2.3.15
